PATH
  remote: .
  specs:
    mobile-emulator-screencapture (0.1.0)

GEM
  remote: https://rubygems.org/
  specs:
    metaclass (0.0.4)
    minitest (5.11.3)
    mocha (1.3.0)
      metaclass (~> 0.0.1)
    rake (10.5.0)

PLATFORMS
  ruby

DEPENDENCIES
  bundler (~> 1.16)
  minitest
  mobile-emulator-screencapture!
  mocha
  rake (~> 10.0)

BUNDLED WITH
   1.16.1
