PATH
  remote: .
  specs:
    mobile-emulator-screencapture (0.1.1)

GEM
  remote: https://rubygems.org/
  specs:
    ast (2.4.0)
    metaclass (0.0.4)
    minitest (5.11.3)
    mocha (1.3.0)
      metaclass (~> 0.0.1)
    parallel (1.12.1)
    parser (2.5.0.4)
      ast (~> 2.4.0)
    powerpack (0.1.1)
    rainbow (3.0.0)
    rake (10.5.0)
    rubocop (0.53.0)
      parallel (~> 1.10)
      parser (>= 2.5)
      powerpack (~> 0.1)
      rainbow (>= 2.2.2, < 4.0)
      ruby-progressbar (~> 1.7)
      unicode-display_width (~> 1.0, >= 1.0.1)
    ruby-progressbar (1.9.0)
    unicode-display_width (1.3.0)

PLATFORMS
  ruby

DEPENDENCIES
  bundler (~> 1.16)
  minitest
  mobile-emulator-screencapture!
  mocha
  rake (~> 10.0)
  rubocop

BUNDLED WITH
   1.16.1
